PATH
  remote: ../bloc_works
  specs:
    bloc_works (0.1.2)

GEM
  remote: https://rubygems.org/
  specs:
    erubis (2.7.0)
    rack (1.6.5)

PLATFORMS
  ruby

DEPENDENCIES
  bloc_works!
  erubis (~> 2.7)
  rack

BUNDLED WITH
   1.11.2
